GEM
  remote: http://rubygems.org/
  specs:
    rack (1.3.4)
    rack-mount (0.8.3)
      rack (>= 1.0.0)

PLATFORMS
  ruby

DEPENDENCIES
  rack-mount
